GEM
  remote: http://rubygems.org/
  specs:
    RedCloth (4.2.9)
    breakpoint (2.0.5)
      compass (>= 0.12.1)
      sass (>= 3.2.0)
    chunky_png (1.2.8)
    classifier (1.3.3)
      fast-stemmer (>= 1.0.0)
    color-schemer (0.2.5)
      compass (~> 0.12)
      compass-blend-modes (~> 0.0.2)
    colorator (0.1)
    commander (4.1.5)
      highline (~> 1.6.11)
    compass (0.12.2)
      chunky_png (~> 1.2)
      fssm (>= 0.2.7)
      sass (~> 3.1)
    compass-blend-modes (0.0.2)
      compass
    compass-normalize (1.4.3)
      compass (>= 0.12.0)
    directory_watcher (1.4.1)
    fast-stemmer (1.0.2)
    fssm (0.2.10)
    github-pages (6)
      RedCloth (= 4.2.9)
      jekyll (= 1.2.1)
      kramdown (= 1.0.2)
      liquid (= 2.5.2)
      maruku (= 0.6.1)
      rdiscount (= 1.6.8)
      redcarpet (= 2.3.0)
    highline (1.6.19)
    jekyll (1.2.1)
      classifier (~> 1.3)
      colorator (~> 0.1)
      commander (~> 4.1.3)
      directory_watcher (~> 1.4.1)
      liquid (~> 2.5.2)
      maruku (~> 0.5)
      pygments.rb (~> 0.5.0)
      redcarpet (~> 2.3.0)
      safe_yaml (~> 0.7.0)
    kramdown (1.0.2)
    liquid (2.5.2)
    maruku (0.6.1)
      syntax (>= 1.0.0)
    modular-scale (1.0.6)
      compass (>= 0.12.1)
      sass (>= 3.2.0)
      sassy-math (>= 1.5)
    posix-spawn (0.3.6)
    pygments.rb (0.5.2)
      posix-spawn (~> 0.3.6)
      yajl-ruby (~> 1.1.0)
    rdiscount (1.6.8)
    redcarpet (2.3.0)
    safe_yaml (0.7.1)
    sass (3.2.9)
    sass-globbing (1.1.0)
      sass (>= 3.1)
    sassy-math (1.5)
      compass (~> 0.11)
    singularity-extras (0.0.3)
      modular-scale (>= 1.0.6)
      sassy-math (>= 1.5)
      singularitygs (>= 0.0.1)
    singularitygs (1.0.8)
      breakpoint (>= 2.0.1)
      compass (>= 0.12.2)
      sass (>= 3.2.1)
    syntax (1.0.0)
    yajl-ruby (1.1.0)

PLATFORMS
  ruby

DEPENDENCIES
  color-schemer (~> 0.2.5)
  compass-normalize
  github-pages
  sass-globbing (~> 1.1.0)
  singularity-extras (~> 0.0.3)
  singularitygs (~> 1.0.8)
